PATH
  remote: .
  specs:
    greeb (0.0.2)

GEM
  remote: http://rubygems.org/
  specs:
    minitest (3.2.0)
    multi_json (1.3.6)
    simplecov (0.6.4)
      multi_json (~> 1.0)
      simplecov-html (~> 0.5.3)
    simplecov-html (0.5.3)

PLATFORMS
  ruby

DEPENDENCIES
  greeb!
  minitest (>= 2.11)
  simplecov
