PATH
  remote: .
  specs:
    greeb (0.0.2)

GEM
  remote: http://rubygems.org/
  specs:
    minitest (3.2.0)

PLATFORMS
  ruby

DEPENDENCIES
  greeb!
  minitest (>= 2.11)
